RESTRICTION: || (== net471) (== netcoreapp2.0) (== netstandard2.0)
NUGET
  remote: https://api.nuget.org/v3/index.json
    DevILSharp (0.2.4)
      FSharp.Core (>= 4.3 < 4.4)
    FsCheck (2.13)
      FSharp.Core (>= 4.2.3)
    FsCheck.NUnit (2.13)
      FsCheck (2.13)
      NUnit (>= 3.10.1 < 4.0)
    FSharp.Core (4.3.4)
    FsPickler (5.2)
      FSharp.Core (>= 3.1.2) - restriction: || (== net471) (&& (== netcoreapp2.0) (>= net45)) (&& (== netstandard2.0) (>= net45))
      FSharp.Core (>= 4.3.2) - restriction: || (&& (== net471) (< net45)) (== netcoreapp2.0) (== netstandard2.0)
      System.Reflection.Emit.Lightweight (>= 4.3) - restriction: || (&& (== net471) (< net45)) (== netcoreapp2.0) (== netstandard2.0)
    FsPickler.Json (5.2)
      FSharp.Core (>= 3.1.2) - restriction: || (== net471) (&& (== netcoreapp2.0) (>= net45)) (&& (== netstandard2.0) (>= net45))
      FSharp.Core (>= 4.3.2) - restriction: || (&& (== net471) (< net45)) (== netcoreapp2.0) (== netstandard2.0)
      Newtonsoft.Json (>= 6.0.5) - restriction: || (== net471) (&& (== netcoreapp2.0) (>= net45)) (&& (== netstandard2.0) (>= net45))
      Newtonsoft.Json (>= 10.0.1) - restriction: || (&& (== net471) (< net45)) (== netcoreapp2.0) (== netstandard2.0)
    FsUnit (3.4)
      FSharp.Core (>= 4.2.3)
      NETStandard.Library (>= 2.0.3) - restriction: || (&& (== net471) (< net46)) (== netcoreapp2.0) (== netstandard2.0)
      NUnit (>= 3.11 < 4.0)
    Microsoft.NETCore.Platforms (2.0) - restriction: || (&& (== net471) (>= dnxcore50)) (&& (== net471) (< net45)) (== netcoreapp2.0) (== netstandard2.0)
    Microsoft.NETCore.Targets (2.0) - restriction: || (&& (== net471) (>= dnxcore50)) (&& (== net471) (< net45)) (== netcoreapp2.0) (== netstandard2.0)
    NETStandard.Library (2.0.3) - restriction: || (&& (== net471) (< net46)) (== netcoreapp2.0) (== netstandard2.0)
      Microsoft.NETCore.Platforms (>= 1.1)
    Newtonsoft.Json (11.0.2)
    NUnit (3.11)
      NETStandard.Library (>= 2.0) - restriction: || (&& (== net471) (< net20)) (== netcoreapp2.0) (== netstandard2.0)
    System.Collections (4.3) - restriction: || (&& (== net471) (>= dnxcore50)) (&& (== net471) (< net45)) (== netcoreapp2.0) (== netstandard2.0)
      Microsoft.NETCore.Platforms (>= 1.1) - restriction: || (&& (== net471) (>= dnxcore50)) (&& (== net471) (< net45)) (== netcoreapp2.0) (== netstandard2.0)
      Microsoft.NETCore.Targets (>= 1.1) - restriction: || (&& (== net471) (>= dnxcore50)) (&& (== net471) (< net45)) (== netcoreapp2.0) (== netstandard2.0)
      System.Runtime (>= 4.3) - restriction: || (&& (== net471) (>= dnxcore50)) (&& (== net471) (< net45)) (== netcoreapp2.0) (== netstandard2.0)
    System.Collections.Immutable (1.5)
    System.Diagnostics.Debug (4.3) - restriction: || (&& (== net471) (>= dnxcore50)) (&& (== net471) (< net45)) (== netcoreapp2.0) (== netstandard2.0)
      Microsoft.NETCore.Platforms (>= 1.1) - restriction: || (&& (== net471) (>= dnxcore50)) (&& (== net471) (< net45)) (== netcoreapp2.0) (== netstandard2.0)
      Microsoft.NETCore.Targets (>= 1.1) - restriction: || (&& (== net471) (>= dnxcore50)) (&& (== net471) (< net45)) (== netcoreapp2.0) (== netstandard2.0)
      System.Runtime (>= 4.3) - restriction: || (&& (== net471) (>= dnxcore50)) (&& (== net471) (< net45)) (== netcoreapp2.0) (== netstandard2.0)
    System.Dynamic.Runtime (4.3)
      System.Collections (>= 4.3) - restriction: || (&& (== net471) (>= dnxcore50)) (&& (== net471) (< net45)) (== netcoreapp2.0) (== netstandard2.0)
      System.Diagnostics.Debug (>= 4.3) - restriction: || (&& (== net471) (>= dnxcore50)) (&& (== net471) (< net45)) (== netcoreapp2.0) (== netstandard2.0)
      System.Linq (>= 4.3) - restriction: || (&& (== net471) (>= dnxcore50)) (&& (== net471) (< net45)) (== netcoreapp2.0) (== netstandard2.0)
      System.Linq.Expressions (>= 4.3) - restriction: || (&& (== net471) (>= dnxcore50)) (&& (== net471) (< net45)) (== netcoreapp2.0) (== netstandard2.0)
      System.ObjectModel (>= 4.3) - restriction: || (&& (== net471) (>= dnxcore50)) (&& (== net471) (< net45)) (== netcoreapp2.0) (== netstandard2.0)
      System.Reflection (>= 4.3) - restriction: || (&& (== net471) (>= dnxcore50)) (&& (== net471) (< net45)) (== netcoreapp2.0) (== netstandard2.0)
      System.Reflection.Emit (>= 4.3) - restriction: || (&& (== net471) (< net45)) (== netcoreapp2.0) (== netstandard2.0)
      System.Reflection.Emit.ILGeneration (>= 4.3) - restriction: || (&& (== net471) (< net45)) (== netcoreapp2.0) (== netstandard2.0)
      System.Reflection.Primitives (>= 4.3) - restriction: || (&& (== net471) (< net45)) (== netcoreapp2.0) (== netstandard2.0)
      System.Reflection.TypeExtensions (>= 4.3) - restriction: || (&& (== net471) (>= dnxcore50)) (&& (== net471) (< net45)) (== netcoreapp2.0) (== netstandard2.0)
      System.Resources.ResourceManager (>= 4.3) - restriction: || (&& (== net471) (>= dnxcore50)) (&& (== net471) (< net45)) (== netcoreapp2.0) (== netstandard2.0)
      System.Runtime (>= 4.3) - restriction: || (&& (== net471) (>= dnxcore50)) (&& (== net471) (< net45)) (== netcoreapp2.0) (== netstandard2.0)
      System.Runtime.Extensions (>= 4.3) - restriction: || (&& (== net471) (>= dnxcore50)) (&& (== net471) (< net45)) (== netcoreapp2.0) (== netstandard2.0)
      System.Threading (>= 4.3) - restriction: || (&& (== net471) (>= dnxcore50)) (&& (== net471) (< net45)) (== netcoreapp2.0) (== netstandard2.0)
    System.Globalization (4.3) - restriction: || (&& (== net471) (>= dnxcore50)) (&& (== net471) (< net45)) (== netcoreapp2.0) (== netstandard2.0)
      Microsoft.NETCore.Platforms (>= 1.1) - restriction: || (&& (== net471) (>= dnxcore50)) (&& (== net471) (< net45)) (== netcoreapp2.0) (== netstandard2.0)
      Microsoft.NETCore.Targets (>= 1.1) - restriction: || (&& (== net471) (>= dnxcore50)) (&& (== net471) (< net45)) (== netcoreapp2.0) (== netstandard2.0)
      System.Runtime (>= 4.3) - restriction: || (&& (== net471) (>= dnxcore50)) (&& (== net471) (< net45)) (== netcoreapp2.0) (== netstandard2.0)
    System.IO (4.3) - restriction: || (&& (== net471) (>= dnxcore50)) (&& (== net471) (< net45)) (== netcoreapp2.0) (== netstandard2.0)
      Microsoft.NETCore.Platforms (>= 1.1) - restriction: || (&& (== net471) (>= dnxcore50)) (&& (== net471) (< net45)) (== netcoreapp2.0) (== netstandard2.0)
      Microsoft.NETCore.Targets (>= 1.1) - restriction: || (&& (== net471) (>= dnxcore50)) (&& (== net471) (< net45)) (== netcoreapp2.0) (== netstandard2.0)
      System.Runtime (>= 4.3) - restriction: || (&& (== net471) (>= dnxcore50)) (&& (== net471) (< net45)) (== netcoreapp2.0) (== netstandard2.0)
      System.Text.Encoding (>= 4.3) - restriction: || (&& (== net471) (>= dnxcore50)) (&& (== net471) (< net45)) (== netcoreapp2.0) (== netstandard2.0)
      System.Threading.Tasks (>= 4.3) - restriction: || (&& (== net471) (>= dnxcore50)) (&& (== net471) (< net45)) (== netcoreapp2.0) (== netstandard2.0)
    System.Linq (4.3) - restriction: || (&& (== net471) (>= dnxcore50)) (&& (== net471) (< net45)) (== netcoreapp2.0) (== netstandard2.0)
      System.Collections (>= 4.3) - restriction: || (&& (== net471) (>= dnxcore50)) (&& (== net471) (< net45)) (== netcoreapp2.0) (== netstandard2.0)
      System.Diagnostics.Debug (>= 4.3) - restriction: || (&& (== net471) (>= dnxcore50)) (&& (== net471) (< net45)) (== netcoreapp2.0) (== netstandard2.0)
      System.Resources.ResourceManager (>= 4.3) - restriction: || (&& (== net471) (>= dnxcore50)) (&& (== net471) (< net45)) (== netcoreapp2.0) (== netstandard2.0)
      System.Runtime (>= 4.3) - restriction: || (&& (== net471) (>= dnxcore50)) (&& (== net471) (< net45)) (== netcoreapp2.0) (== netstandard2.0)
      System.Runtime.Extensions (>= 4.3) - restriction: || (&& (== net471) (>= dnxcore50)) (&& (== net471) (< net45)) (== netcoreapp2.0) (== netstandard2.0)
    System.Linq.Expressions (4.3) - restriction: || (&& (== net471) (>= dnxcore50)) (&& (== net471) (< net45)) (== netcoreapp2.0) (== netstandard2.0)
      System.Collections (>= 4.3) - restriction: || (&& (== net471) (>= dnxcore50)) (&& (== net471) (< net45)) (== netcoreapp2.0) (== netstandard2.0)
      System.Diagnostics.Debug (>= 4.3) - restriction: || (&& (== net471) (>= dnxcore50)) (&& (== net471) (< net45)) (== netcoreapp2.0) (== netstandard2.0)
      System.Globalization (>= 4.3) - restriction: || (&& (== net471) (>= dnxcore50)) (&& (== net471) (< net45)) (== netcoreapp2.0) (== netstandard2.0)
      System.IO (>= 4.3) - restriction: || (&& (== net471) (>= dnxcore50)) (&& (== net471) (< net45)) (== netcoreapp2.0) (== netstandard2.0)
      System.Linq (>= 4.3) - restriction: || (&& (== net471) (>= dnxcore50)) (&& (== net471) (< net45)) (== netcoreapp2.0) (== netstandard2.0)
      System.ObjectModel (>= 4.3) - restriction: || (&& (== net471) (< net45)) (== netcoreapp2.0) (== netstandard2.0)
      System.Reflection (>= 4.3) - restriction: || (&& (== net471) (>= dnxcore50)) (&& (== net471) (< net45)) (== netcoreapp2.0) (== netstandard2.0)
      System.Reflection.Emit (>= 4.3) - restriction: || (&& (== net471) (< net45)) (== netcoreapp2.0) (== netstandard2.0)
      System.Reflection.Emit.ILGeneration (>= 4.3) - restriction: || (&& (== net471) (>= dnxcore50)) (&& (== net471) (< net45)) (== netcoreapp2.0) (== netstandard2.0)
      System.Reflection.Emit.Lightweight (>= 4.3) - restriction: || (&& (== net471) (>= dnxcore50)) (&& (== net471) (< net45)) (== netcoreapp2.0) (== netstandard2.0)
      System.Reflection.Extensions (>= 4.3) - restriction: || (&& (== net471) (>= dnxcore50)) (&& (== net471) (< net45)) (== netcoreapp2.0) (== netstandard2.0)
      System.Reflection.Primitives (>= 4.3) - restriction: || (&& (== net471) (>= dnxcore50)) (&& (== net471) (< net45)) (== netcoreapp2.0) (== netstandard2.0)
      System.Reflection.TypeExtensions (>= 4.3) - restriction: || (&& (== net471) (>= dnxcore50)) (&& (== net471) (< net45)) (== netcoreapp2.0) (== netstandard2.0)
      System.Resources.ResourceManager (>= 4.3) - restriction: || (&& (== net471) (>= dnxcore50)) (&& (== net471) (< net45)) (== netcoreapp2.0) (== netstandard2.0)
      System.Runtime (>= 4.3) - restriction: || (&& (== net471) (>= dnxcore50)) (&& (== net471) (< net45)) (== netcoreapp2.0) (== netstandard2.0)
      System.Runtime.Extensions (>= 4.3) - restriction: || (&& (== net471) (>= dnxcore50)) (&& (== net471) (< net45)) (== netcoreapp2.0) (== netstandard2.0)
      System.Threading (>= 4.3) - restriction: || (&& (== net471) (>= dnxcore50)) (&& (== net471) (< net45)) (== netcoreapp2.0) (== netstandard2.0)
    System.ObjectModel (4.3) - restriction: || (&& (== net471) (>= dnxcore50)) (&& (== net471) (< net45)) (== netcoreapp2.0) (== netstandard2.0)
      System.Collections (>= 4.3) - restriction: || (&& (== net471) (>= dnxcore50)) (&& (== net471) (< net45)) (== netcoreapp2.0) (== netstandard2.0)
      System.Diagnostics.Debug (>= 4.3) - restriction: || (&& (== net471) (>= dnxcore50)) (&& (== net471) (< net45)) (== netcoreapp2.0) (== netstandard2.0)
      System.Resources.ResourceManager (>= 4.3) - restriction: || (&& (== net471) (>= dnxcore50)) (&& (== net471) (< net45)) (== netcoreapp2.0) (== netstandard2.0)
      System.Runtime (>= 4.3) - restriction: || (&& (== net471) (>= dnxcore50)) (&& (== net471) (< net45)) (== netcoreapp2.0) (== netstandard2.0)
      System.Threading (>= 4.3) - restriction: || (&& (== net471) (>= dnxcore50)) (&& (== net471) (< net45)) (== netcoreapp2.0) (== netstandard2.0)
    System.Reactive (4.1.2)
      System.Runtime.InteropServices.WindowsRuntime (>= 4.3) - restriction: || (&& (== net471) (< net46)) (== netcoreapp2.0) (== netstandard2.0)
      System.Threading.Tasks.Extensions (>= 4.5.1)
      System.ValueTuple (>= 4.4) - restriction: || (== net471) (&& (== netcoreapp2.0) (>= net46)) (&& (== netcoreapp2.0) (< netstandard2.0) (>= uap10.0)) (&& (== netstandard2.0) (>= net46))
    System.Reflection (4.3) - restriction: || (&& (== net471) (>= dnxcore50)) (&& (== net471) (< net45)) (== netcoreapp2.0) (== netstandard2.0)
      Microsoft.NETCore.Platforms (>= 1.1) - restriction: || (&& (== net471) (>= dnxcore50)) (&& (== net471) (< net45)) (== netcoreapp2.0) (== netstandard2.0)
      Microsoft.NETCore.Targets (>= 1.1) - restriction: || (&& (== net471) (>= dnxcore50)) (&& (== net471) (< net45)) (== netcoreapp2.0) (== netstandard2.0)
      System.IO (>= 4.3) - restriction: || (&& (== net471) (>= dnxcore50)) (&& (== net471) (< net45)) (== netcoreapp2.0) (== netstandard2.0)
      System.Reflection.Primitives (>= 4.3) - restriction: || (&& (== net471) (>= dnxcore50)) (&& (== net471) (< net45)) (== netcoreapp2.0) (== netstandard2.0)
      System.Runtime (>= 4.3) - restriction: || (&& (== net471) (>= dnxcore50)) (&& (== net471) (< net45)) (== netcoreapp2.0) (== netstandard2.0)
    System.Reflection.Emit (4.3) - restriction: || (&& (== net471) (< net45)) (== netcoreapp2.0) (== netstandard2.0)
      System.IO (>= 4.3) - restriction: || (&& (== net471) (< net45)) (== netcoreapp2.0) (== netstandard2.0)
      System.Reflection (>= 4.3) - restriction: || (&& (== net471) (< net45)) (== netcoreapp2.0) (== netstandard2.0)
      System.Reflection.Emit.ILGeneration (>= 4.3) - restriction: || (&& (== net471) (< net45)) (== netcoreapp2.0) (== netstandard2.0)
      System.Reflection.Primitives (>= 4.3) - restriction: || (&& (== net471) (< net45)) (== netcoreapp2.0) (== netstandard2.0)
      System.Runtime (>= 4.3) - restriction: || (&& (== net471) (< net45)) (== netcoreapp2.0) (== netstandard2.0)
    System.Reflection.Emit.ILGeneration (4.3) - restriction: || (&& (== net471) (< net45)) (== netcoreapp2.0) (== netstandard2.0)
      System.Reflection (>= 4.3) - restriction: || (&& (== net471) (< net45)) (== netcoreapp2.0) (== netstandard2.0)
      System.Reflection.Primitives (>= 4.3) - restriction: || (&& (== net471) (< net45)) (== netcoreapp2.0) (== netstandard2.0)
      System.Runtime (>= 4.3) - restriction: || (&& (== net471) (< net45)) (== netcoreapp2.0) (== netstandard2.0)
    System.Reflection.Emit.Lightweight (4.3) - restriction: || (&& (== net471) (< net45)) (== netcoreapp2.0) (== netstandard2.0)
      System.Reflection (>= 4.3) - restriction: || (&& (== net471) (< net45)) (== netcoreapp2.0) (== netstandard2.0)
      System.Reflection.Emit.ILGeneration (>= 4.3) - restriction: || (&& (== net471) (< net45)) (== netcoreapp2.0) (== netstandard2.0)
      System.Reflection.Primitives (>= 4.3) - restriction: || (&& (== net471) (< net45)) (== netcoreapp2.0) (== netstandard2.0)
      System.Runtime (>= 4.3) - restriction: || (&& (== net471) (< net45)) (== netcoreapp2.0) (== netstandard2.0)
    System.Reflection.Extensions (4.3) - restriction: || (&& (== net471) (>= dnxcore50)) (&& (== net471) (< net45)) (== netcoreapp2.0) (== netstandard2.0)
      Microsoft.NETCore.Platforms (>= 1.1) - restriction: || (&& (== net471) (>= dnxcore50)) (&& (== net471) (< net45)) (== netcoreapp2.0) (== netstandard2.0)
      Microsoft.NETCore.Targets (>= 1.1) - restriction: || (&& (== net471) (>= dnxcore50)) (&& (== net471) (< net45)) (== netcoreapp2.0) (== netstandard2.0)
      System.Reflection (>= 4.3) - restriction: || (&& (== net471) (>= dnxcore50)) (&& (== net471) (< net45)) (== netcoreapp2.0) (== netstandard2.0)
      System.Runtime (>= 4.3) - restriction: || (&& (== net471) (>= dnxcore50)) (&& (== net471) (< net45)) (== netcoreapp2.0) (== netstandard2.0)
    System.Reflection.Primitives (4.3) - restriction: || (&& (== net471) (< net45)) (== netcoreapp2.0) (== netstandard2.0)
      Microsoft.NETCore.Platforms (>= 1.1) - restriction: || (&& (== net471) (>= dnxcore50)) (&& (== net471) (< net45)) (== netcoreapp2.0) (== netstandard2.0)
      Microsoft.NETCore.Targets (>= 1.1) - restriction: || (&& (== net471) (>= dnxcore50)) (&& (== net471) (< net45)) (== netcoreapp2.0) (== netstandard2.0)
      System.Runtime (>= 4.3) - restriction: || (&& (== net471) (>= dnxcore50)) (&& (== net471) (< net45)) (== netcoreapp2.0) (== netstandard2.0)
    System.Reflection.TypeExtensions (4.4) - restriction: || (&& (== net471) (>= dnxcore50)) (&& (== net471) (< net45)) (== netcoreapp2.0) (== netstandard2.0)
    System.Resources.ResourceManager (4.3) - restriction: || (&& (== net471) (>= dnxcore50)) (&& (== net471) (< net45)) (== netcoreapp2.0) (== netstandard2.0)
      Microsoft.NETCore.Platforms (>= 1.1) - restriction: || (&& (== net471) (>= dnxcore50)) (&& (== net471) (< net45)) (== netcoreapp2.0) (== netstandard2.0)
      Microsoft.NETCore.Targets (>= 1.1) - restriction: || (&& (== net471) (>= dnxcore50)) (&& (== net471) (< net45)) (== netcoreapp2.0) (== netstandard2.0)
      System.Globalization (>= 4.3) - restriction: || (&& (== net471) (>= dnxcore50)) (&& (== net471) (< net45)) (== netcoreapp2.0) (== netstandard2.0)
      System.Reflection (>= 4.3) - restriction: || (&& (== net471) (>= dnxcore50)) (&& (== net471) (< net45)) (== netcoreapp2.0) (== netstandard2.0)
      System.Runtime (>= 4.3) - restriction: || (&& (== net471) (>= dnxcore50)) (&& (== net471) (< net45)) (== netcoreapp2.0) (== netstandard2.0)
    System.Runtime (4.3) - restriction: || (&& (== net471) (>= dnxcore50)) (&& (== net471) (< net45)) (== netcoreapp2.0) (== netstandard2.0)
      Microsoft.NETCore.Platforms (>= 1.1) - restriction: || (&& (== net471) (>= dnxcore50)) (&& (== net471) (< net45)) (== netcoreapp2.0) (== netstandard2.0)
      Microsoft.NETCore.Targets (>= 1.1) - restriction: || (&& (== net471) (>= dnxcore50)) (&& (== net471) (< net45)) (== netcoreapp2.0) (== netstandard2.0)
    System.Runtime.CompilerServices.Unsafe (4.5.2)
    System.Runtime.Extensions (4.3) - restriction: || (&& (== net471) (>= dnxcore50)) (&& (== net471) (< net45)) (== netcoreapp2.0) (== netstandard2.0)
      Microsoft.NETCore.Platforms (>= 1.1) - restriction: || (&& (== net471) (>= dnxcore50)) (&& (== net471) (< net45)) (== netcoreapp2.0) (== netstandard2.0)
      Microsoft.NETCore.Targets (>= 1.1) - restriction: || (&& (== net471) (>= dnxcore50)) (&& (== net471) (< net45)) (== netcoreapp2.0) (== netstandard2.0)
      System.Runtime (>= 4.3) - restriction: || (&& (== net471) (>= dnxcore50)) (&& (== net471) (< net45)) (== netcoreapp2.0) (== netstandard2.0)
    System.Runtime.InteropServices.WindowsRuntime (4.3) - restriction: || (&& (== net471) (< net46)) (== netcoreapp2.0) (== netstandard2.0)
      System.Runtime (>= 4.3) - restriction: || (&& (== net471) (>= dnxcore50)) (&& (== net471) (< net45)) (== netcoreapp2.0) (== netstandard2.0)
    System.Text.Encoding (4.3) - restriction: || (&& (== net471) (>= dnxcore50)) (&& (== net471) (< net45)) (== netcoreapp2.0) (== netstandard2.0)
      Microsoft.NETCore.Platforms (>= 1.1) - restriction: || (&& (== net471) (>= dnxcore50)) (&& (== net471) (< net45)) (== netcoreapp2.0) (== netstandard2.0)
      Microsoft.NETCore.Targets (>= 1.1) - restriction: || (&& (== net471) (>= dnxcore50)) (&& (== net471) (< net45)) (== netcoreapp2.0) (== netstandard2.0)
      System.Runtime (>= 4.3) - restriction: || (&& (== net471) (>= dnxcore50)) (&& (== net471) (< net45)) (== netcoreapp2.0) (== netstandard2.0)
    System.Threading (4.3) - restriction: || (&& (== net471) (>= dnxcore50)) (&& (== net471) (< net45)) (== netcoreapp2.0) (== netstandard2.0)
      System.Runtime (>= 4.3) - restriction: || (&& (== net471) (>= dnxcore50)) (&& (== net471) (< net45)) (== netcoreapp2.0) (== netstandard2.0)
      System.Threading.Tasks (>= 4.3) - restriction: || (&& (== net471) (>= dnxcore50)) (&& (== net471) (< net45)) (== netcoreapp2.0) (== netstandard2.0)
    System.Threading.Tasks (4.3) - restriction: || (&& (== net471) (>= dnxcore50)) (&& (== net471) (< net45)) (== netcoreapp2.0) (== netstandard2.0)
      Microsoft.NETCore.Platforms (>= 1.1) - restriction: || (&& (== net471) (>= dnxcore50)) (&& (== net471) (< net45)) (== netcoreapp2.0) (== netstandard2.0)
      Microsoft.NETCore.Targets (>= 1.1) - restriction: || (&& (== net471) (>= dnxcore50)) (&& (== net471) (< net45)) (== netcoreapp2.0) (== netstandard2.0)
      System.Runtime (>= 4.3) - restriction: || (&& (== net471) (>= dnxcore50)) (&& (== net471) (< net45)) (== netcoreapp2.0) (== netstandard2.0)
    System.Threading.Tasks.Extensions (4.5.1)
      System.Runtime.CompilerServices.Unsafe (>= 4.5)
    System.ValueTuple (4.4) - restriction: || (== net471) (&& (== netcoreapp2.0) (>= net46)) (&& (== netcoreapp2.0) (< netstandard2.0) (>= uap10.0)) (&& (== netstandard2.0) (>= net46))
    Unofficial.LibTessDotNet (2.0)

GROUP Build
CONTENT: NONE
RESTRICTION: == net471
NUGET
  remote: https://api.nuget.org/v3/index.json
    FAKE (4.63.2)
    Mono.Cecil (0.10.1)
    SourceLink.Fake (1.1)
GITHUB
  remote: aardvark-platform/aardvark.fake
    FULLPROJECT (038d023c11c73aa98217552aaf88cb06d5a5748c)
      FAKE (>= 4.63 < 4.64)
      Mono.Cecil (>= 0.10.0-beta6 < 0.11)
      SourceLink.Fake (>= 1.1 < 1.2)